GEM
  remote: https://rubygems.org/
  specs:
    addressable (2.3.5)
    coderay (1.1.0)
    crack (0.4.1)
      safe_yaml (~> 0.9.0)
    json (1.8.6)
    metaclass (0.0.1)
    method_source (0.8.2)
    minitest (5.10.3)
    mocha (0.14.0)
      metaclass (~> 0.0.1)
    pry (0.9.12.4)
      coderay (~> 1.0)
      method_source (~> 0.8)
      slop (~> 3.4)
    rack (1.5.2)
    rack-protection (1.5.1)
      rack
    rack-test (0.6.2)
      rack (>= 1.0)
    rake (10.1.1)
    ruby-debug-ide (0.6.0)
      rake (>= 0.8.1)
    safe_yaml (0.9.7)
    sinatra (1.4.4)
      rack (~> 1.4)
      rack-protection (~> 1.4)
      tilt (~> 1.3, >= 1.3.4)
    slop (3.4.7)
    tilt (1.4.1)
    webmock (1.16.0)
      addressable (>= 2.2.7)
      crack (>= 0.3.2)

PLATFORMS
  ruby

DEPENDENCIES
  json
  minitest
  mocha
  pry
  rack-test
  rake
  ruby-debug-ide
  sinatra
  webmock

RUBY VERSION
   ruby 2.3.5p376

BUNDLED WITH
   1.15.4
